ObjectType = Image
NDims = 3
BinaryData = True
BinaryDataByteOrderMSB = False
CompressedData = False
TransformMatrix = 1 0 0 0 1 0 0 0 1
Offset = -250 -250 -1052.62
CenterOfRotation = 0 0 0
AnatomicalOrientation = RAI
ElementSpacing = 0.976562 0.976562 3.27002
ITK_InputFilterName = MetaImageIO
DimSize = 512 512 207
ElementType = MET_SHORT
ElementDataFile = CT.raw
